GEM
  remote: https://rubygems.org/
  specs:
    foreman (0.82.0)
      thor (~> 0.19.1)
    thor (0.19.1)

PLATFORMS
  ruby

DEPENDENCIES
  foreman

BUNDLED WITH
   1.12.5
